PATH
  remote: /Users/simon/dev/rails/activesupport
  specs:
    activesupport (4.1.0.beta)
      i18n (~> 0.6, >= 0.6.4)
      json (~> 1.7)
      minitest (~> 5.0)
      thread_safe (~> 0.1)
      tzinfo (~> 0.3.37)

GEM
  remote: https://rubygems.org/
  specs:
    atomic (1.1.12)
    i18n (0.6.4)
    json (1.8.0)
    minitest (5.0.6)
    thread_safe (0.1.2)
      atomic
    tzinfo (0.3.37)

PLATFORMS
  ruby

DEPENDENCIES
  activesupport!
